GEM
  remote: http://rubygems.org/
  specs:
    aaronh-chronic (0.3.9)
    abstract (1.0.0)
    actionmailer (3.0.20)
      actionpack (= 3.0.20)
      mail (~> 2.2.19)
    actionpack (3.0.20)
      activemodel (= 3.0.20)
      activesupport (= 3.0.20)
      builder (~> 2.1.2)
      erubis (~> 2.6.6)
      i18n (~> 0.5.0)
      rack (~> 1.2.5)
      rack-mount (~> 0.6.14)
      rack-test (~> 0.5.7)
      tzinfo (~> 0.3.23)
    activemodel (3.0.20)
      activesupport (= 3.0.20)
      builder (~> 2.1.2)
      i18n (~> 0.5.0)
    activerecord (3.0.20)
      activemodel (= 3.0.20)
      activesupport (= 3.0.20)
      arel (~> 2.0.10)
      tzinfo (~> 0.3.23)
    activeresource (3.0.20)
      activemodel (= 3.0.20)
      activesupport (= 3.0.20)
    activesupport (3.0.20)
    arel (2.0.10)
    builder (2.1.2)
    campaign_monitor_party (0.2.1)
      httparty
    color (1.4.2)
    curb (0.8.4)
    erubis (2.6.6)
      abstract (>= 1.0.0)
    faker (0.3.1)
    fastercsv (1.5.5)
    feedzirra (0.0.24)
      activesupport (>= 2.3.8)
      builder (>= 2.1.2)
      curb (>= 0.2.3)
      loofah (>= 0.3.1)
      nokogiri (> 0.0.0)
      sax-machine (>= 0.0.12)
    haml (3.0.25)
    highline (1.6.19)
    httparty (0.11.0)
      multi_json (~> 1.0)
      multi_xml (>= 0.5.2)
    i18n (0.5.0)
    jquery-rails (0.2.7)
      rails (~> 3.0)
      thor (~> 0.14.4)
    json (1.8.0)
    liquid (2.2.2)
    loofah (1.0.0)
      nokogiri (>= 1.3.3)
    mail (2.2.20)
      activesupport (>= 2.3.6)
      i18n (>= 0.4.0)
      mime-types (~> 1.16)
      treetop (~> 1.4.8)
    mime-types (1.23)
    multi_json (1.7.8)
    multi_xml (0.5.5)
    mysql2 (0.2.7)
    nokogiri (1.4.7)
    paperclip (2.3.11)
      activerecord (>= 2.3.0)
      activesupport (>= 2.3.2)
    pdf-writer (1.1.8)
      color (>= 1.4.0)
      transaction-simple (~> 1.3)
    pg (0.16.0)
    polyglot (0.3.3)
    rack (1.2.8)
    rack-mount (0.6.14)
      rack (>= 1.0.0)
    rack-test (0.5.7)
      rack (>= 1.0)
    rails (3.0.20)
      actionmailer (= 3.0.20)
      actionpack (= 3.0.20)
      activerecord (= 3.0.20)
      activeresource (= 3.0.20)
      activesupport (= 3.0.20)
      bundler (~> 1.0)
      railties (= 3.0.20)
    railties (3.0.20)
      actionpack (= 3.0.20)
      activesupport (= 3.0.20)
      rake (>= 0.8.7)
      rdoc (~> 3.4)
      thor (~> 0.14.4)
    rake (10.1.0)
    rdoc (3.12.2)
      json (~> 1.4)
    rubyzip (0.9.9)
    sanitize (1.2.1)
      nokogiri (~> 1.4.1)
    sax-machine (0.1.0)
      nokogiri (> 0.0.0)
    shoulda (2.11.3)
    thor (0.14.6)
    transaction-simple (1.4.0.2)
    treetop (1.4.14)
      polyglot
      polyglot (>= 0.3.1)
    tzinfo (0.3.37)
    whenever (0.6.8)
      aaronh-chronic (>= 0.3.9)
      activesupport (>= 2.3.4)
    will_paginate (3.0.4)

PLATFORMS
  ruby

DEPENDENCIES
  builder (>= 2.1.2)
  campaign_monitor_party (~> 0.2.1)
  faker (~> 0.3.1)
  fastercsv (~> 1.5.0)
  feedzirra (~> 0.0.24)
  haml (~> 3.0.24)
  highline (~> 1.6.1)
  jquery-rails (~> 0.2.4)
  liquid (~> 2.2.2)
  loofah (~> 1.0.0)
  mysql2 (= 0.2.7)
  nokogiri (~> 1.4.0)
  paperclip (= 2.3.11)
  pdf-writer (~> 1.1.8)
  pg
  rails (~> 3.0.20)
  rubyzip (~> 0.9.4)
  sanitize (~> 1.2.1)
  shoulda (~> 2.11.3)
  whenever (~> 0.6.2)
  will_paginate (~> 3.0.2)
